GEM
  remote: https://rubygems.org/
  specs:
    byebug (9.0.6)
    curses (1.0.2)
    diff-lcs (1.2.5)
    docile (1.1.5)
    gpgme (2.0.12)
      mini_portile2 (~> 2.1.0)
    json (2.3.1)
    mini_portile2 (2.1.0)
    rspec (3.5.0)
      rspec-core (~> 3.5.0)
      rspec-expectations (~> 3.5.0)
      rspec-mocks (~> 3.5.0)
    rspec-core (3.5.4)
      rspec-support (~> 3.5.0)
    rspec-expectations (3.5.0)
      diff-lcs (>= 1.2.0, < 2.0)
      rspec-support (~> 3.5.0)
    rspec-mocks (3.5.0)
      diff-lcs (>= 1.2.0, < 2.0)
      rspec-support (~> 3.5.0)
    rspec-support (3.5.0)
    simplecov (0.12.0)
      docile (~> 1.1.0)
      json (>= 1.8, < 3)
      simplecov-html (~> 0.10.0)
    simplecov-html (0.10.0)

PLATFORMS
  ruby

DEPENDENCIES
  byebug
  curses
  gpgme
  rspec
  simplecov
